GEM
  remote: https://rubygems.org/
  specs:
    base64 (0.1.0)
    ruby-hmac (0.4.0)

PLATFORMS
  ruby

DEPENDENCIES
  base64
  ruby-hmac

RUBY VERSION
   ruby 2.7.1p83

BUNDLED WITH
   2.1.4
